GEM
  remote: https://rubygems.org/
  specs:
    activesupport (5.2.0)
      concurrent-ruby (~> 1.0, >= 1.0.2)
      i18n (>= 0.7, < 2)
      minitest (~> 5.1)
      tzinfo (~> 1.1)
    cliver (0.3.2)
    coderay (1.1.2)
    concurrent-ruby (1.0.5)
    daemons (1.2.6)
    diff-lcs (1.3)
    docile (1.3.0)
    eventmachine (1.2.7)
    i18n (1.0.1)
      concurrent-ruby (~> 1.0)
    iniparser (0.1.0)
    json (2.1.0)
    kramdown (1.16.2)
    liquid (4.0.0)
    logutils (0.6.1)
    markdown (1.2.0)
      kramdown (>= 1.5.0)
      props (>= 1.1.2)
      textutils (>= 0.10.0)
    method_source (0.9.0)
    mini_portile2 (2.3.0)
    minitest (5.11.3)
    mustermann (1.0.2)
    nokogiri (1.8.2)
      mini_portile2 (~> 2.3.0)
    pdf-core (0.7.0)
    pdf-forms (1.1.1)
      cliver (~> 0.3.2)
      safe_shell (>= 1.0.3, < 2.0)
    prawn (2.2.2)
      pdf-core (~> 0.7.0)
      ttfunk (~> 1.5)
    props (1.2.0)
      iniparser (>= 0.1.0)
    pry (0.11.3)
      coderay (~> 1.1.0)
      method_source (~> 0.9.0)
    rack (2.0.5)
    rack-protection (2.0.1)
      rack
    rack-test (1.0.0)
      rack (>= 1.0, < 3)
    rake (12.3.1)
    rspec (3.7.0)
      rspec-core (~> 3.7.0)
      rspec-expectations (~> 3.7.0)
      rspec-mocks (~> 3.7.0)
    rspec-core (3.7.1)
      rspec-support (~> 3.7.0)
    rspec-expectations (3.7.0)
      diff-lcs (>= 1.2.0, < 2.0)
      rspec-support (~> 3.7.0)
    rspec-mocks (3.7.0)
      diff-lcs (>= 1.2.0, < 2.0)
      rspec-support (~> 3.7.0)
    rspec-support (3.7.1)
    rubyzip (1.2.1)
    safe_shell (1.1.0)
    simplecov (0.16.1)
      docile (~> 1.1)
      json (>= 1.8, < 3)
      simplecov-html (~> 0.10.0)
    simplecov-html (0.10.2)
    sinatra (2.0.1)
      mustermann (~> 1.0)
      rack (~> 2.0)
      rack-protection (= 2.0.1)
      tilt (~> 2.0)
    textutils (1.4.0)
      activesupport
      logutils (>= 0.6.1)
      props (>= 1.1.2)
      rubyzip (>= 1.0.0)
    thin (1.7.2)
      daemons (~> 1.0, >= 1.0.9)
      eventmachine (~> 1.0, >= 1.0.4)
      rack (>= 1, < 3)
    thread_safe (0.3.6)
    tilt (2.0.8)
    ttfunk (1.5.1)
    tzinfo (1.2.5)
      thread_safe (~> 0.1)
    webrat (0.7.3)
      nokogiri (>= 1.2.0)
      rack (>= 1.0)
      rack-test (>= 0.5.3)

PLATFORMS
  ruby

DEPENDENCIES
  json
  liquid
  markdown
  pdf-forms
  prawn
  pry
  rack-test
  rake
  rspec
  simplecov
  sinatra
  thin
  webrat

BUNDLED WITH
   1.16.2
